GEM
  remote: https://rubygems.org/
  specs:
    akamai-api-cps (0.4.0)
      akamai-edgegrid (~> 1.0)
    akamai-edgegrid (1.0.6)
      inifile (~> 3.0)
    gli (2.19.1)
    inifile (3.0.0)
    table_print (1.5.6)

PLATFORMS
  ruby

DEPENDENCIES
  akamai-api-cps (>= 0.4.0)
  gli
  table_print

BUNDLED WITH
   1.15.4
